GEM
  remote: https://rubygems.org/
  specs:
    digest (3.1.0)
    fileutils (1.6.0)
    json (2.6.1)
    pathname (0.2.0)
    taglib-ruby (1.1.0)
    uri (0.11.0)

PLATFORMS
  x64-mingw-ucrt
  x86_64-linux

DEPENDENCIES
  digest
  fileutils
  json
  pathname
  taglib-ruby (~> 1.1)
  uri

BUNDLED WITH
   2.3.3
